GEM
  remote: http://rubygems.org/
  specs:
    actionmailer (2.3.18)
      actionpack (= 2.3.18)
    actionpack (2.3.18)
      activesupport (= 2.3.18)
      rack (~> 1.1.0)
    activerecord (2.3.18)
      activesupport (= 2.3.18)
    activeresource (2.3.18)
      activesupport (= 2.3.18)
    activesupport (2.3.18)
    blankslate (2.1.2.4)
    builder (2.1.2)
    cucumber (1.2.1)
      builder (>= 2.1.2)
      diff-lcs (>= 1.1.3)
      gherkin (~> 2.11.0)
      json (>= 1.4.6)
    cucumber-rails (0.3.2)
      cucumber (>= 0.8.0)
    database_cleaner (0.9.1)
    diff-lcs (1.1.3)
    exception_notification (2.3.3.0)
    factory_girl (1.3.3)
    fakeweb (1.3.0)
    faraday (0.8.4)
      multipart-post (~> 1.1)
    faraday_middleware (0.9.0)
      faraday (>= 0.7.4, < 0.9)
    gherkin (2.11.5)
      json (>= 1.4.6)
    hashie (1.2.0)
    hoe (1.5.1)
      rake (>= 0.8.1)
      rubyforge (>= 0.4.4)
    i18n (0.8.0)
    json (1.7.7)
    json_pure (1.7.6)
    just_giving (0.3.0)
      faraday
      faraday_middleware (~> 0.7)
      hashie
      multi_json (~> 1.0.1)
      yajl-ruby
    metaclass (0.0.1)
    mocha (0.13.1)
      metaclass (~> 0.0.1)
    multi_json (1.0.4)
    multipart-post (1.1.5)
    newrelic_rpm (3.3.5)
    nokogiri (1.5.6)
    rack (1.1.5)
    rack-test (0.6.2)
      rack (>= 1.0)
    rails (2.3.18)
      actionmailer (= 2.3.18)
      actionpack (= 2.3.18)
      activerecord (= 2.3.18)
      activeresource (= 2.3.18)
      activesupport (= 2.3.18)
      rake (>= 0.8.3)
    rake (0.9.6)
    rspec (1.3.1)
    rspec-rails (1.3.3)
      rack (>= 1.0.0)
      rspec (= 1.3.1)
    rubyforge (2.0.4)
      json_pure (>= 1.1.7)
    simple_oauth (0.2.0)
    sqlite3 (1.3.7)
    test-unit (1.2.3)
      hoe (>= 1.5.1)
    twitter (4.4.4)
      faraday (~> 0.8, < 0.10)
      multi_json (~> 1.0)
      simple_oauth (~> 0.2)
    tzinfo (0.3.35)
    webrat (0.7.3)
      nokogiri (>= 1.2.0)
      rack (>= 1.0)
      rack-test (>= 0.5.3)
    will_paginate (2.3.16)
    xml-simple (1.1.2)
    yajl-ruby (1.1.0)

PLATFORMS
  ruby

DEPENDENCIES
  blankslate (~> 2.1.2)
  builder (= 2.1.2)
  cucumber-rails (= 0.3.2)
  database_cleaner
  exception_notification (= 2.3.3.0)
  factory_girl (= 1.3.3)
  fakeweb
  faraday_middleware (~> 0.9.0)
  hoe (= 1.5.1)
  i18n (~> 0.8.0)
  json (~> 1.7.7)
  just_giving (~> 0.3.0)
  mocha
  newrelic_rpm (~> 3.3.1)
  nokogiri (~> 1.5.0)
  rails (= 2.3.18)
  rake (~> 0.9.2)
  rspec-rails (= 1.3.3)
  sqlite3 (~> 1.3.5)
  test-unit (= 1.2.3)
  twitter (~> 4.4.4)
  tzinfo (~> 0.3.31)
  webrat
  will_paginate (= 2.3.16)
  xml-simple (~> 1.1.1)
