GEM
  remote: http://rubygems.org/
  specs:
    actionmailer (2.3.14)
      actionpack (= 2.3.14)
    actionpack (2.3.14)
      activesupport (= 2.3.14)
      rack (~> 1.1.0)
    activerecord (2.3.14)
      activesupport (= 2.3.14)
    activeresource (2.3.14)
      activesupport (= 2.3.14)
    activesupport (2.3.14)
    blankslate (2.1.2.4)
    builder (2.1.2)
    cucumber (0.5.3)
      builder (>= 2.1.2)
      diff-lcs (>= 1.1.2)
      json_pure (>= 1.2.0)
      polyglot (>= 0.2.9)
      term-ansicolor (>= 1.0.4)
      treetop (>= 1.4.2)
    cucumber-rails (0.2.2)
      cucumber (>= 0.5.1)
    database_cleaner (0.7.1)
    diff-lcs (1.1.3)
    exception_notification (1.0.20090728)
    factory_girl (1.3.3)
    fastercsv (1.5.4)
    hpricot (0.8.6)
    i18n (0.6.0)
    json_pure (1.6.5)
    memcache (1.2.13)
    newrelic_rpm (3.3.1)
    nokogiri (1.5.0)
    polyglot (0.3.3)
    rack (1.1.3)
    rack-test (0.6.1)
      rack (>= 1.0)
    rails (2.3.14)
      actionmailer (= 2.3.14)
      actionpack (= 2.3.14)
      activerecord (= 2.3.14)
      activeresource (= 2.3.14)
      activesupport (= 2.3.14)
      rake (>= 0.8.3)
    rake (0.9.2.2)
    rcov (1.0.0)
    rspec (1.3.1)
    rspec-rails (1.3.3)
      rack (>= 1.0.0)
      rspec (= 1.3.1)
    sqlite3 (1.3.5)
    term-ansicolor (1.0.7)
    test-unit (2.4.7)
    text-format (1.0.0)
      text-hyphen (~> 1.0.0)
    text-hyphen (1.0.2)
    tmail (1.2.7.1)
    treetop (1.4.10)
      polyglot
      polyglot (>= 0.3.1)
    tzinfo (0.3.31)
    webrat (0.7.3)
      nokogiri (>= 1.2.0)
      rack (>= 1.0)
      rack-test (>= 0.5.3)
    will_paginate (2.3.16)
    xml-simple (1.1.1)

PLATFORMS
  ruby

DEPENDENCIES
  blankslate
  builder (= 2.1.2)
  cucumber (= 0.5.3)
  cucumber-rails (= 0.2.2)
  database_cleaner
  exception_notification (= 1.0.20090728)
  factory_girl (= 1.3.3)
  fastercsv
  hpricot
  i18n
  memcache
  newrelic_rpm
  nokogiri
  rails (= 2.3.14)
  rake
  rcov
  rspec-rails (= 1.3.3)
  sqlite3
  test-unit
  text-format
  tmail
  tzinfo
  webrat
  will_paginate (= 2.3.16)
  xml-simple
