GIT
  remote: git://github.com/metade/just_giving.git
  revision: edaea83cc308d16d7c1842fd741ccf018456966b
  specs:
    just_giving (0.2.0)
      faraday
      faraday_middleware
      hashie
      multi_json (~> 1.0.1)
      yajl-ruby

GEM
  remote: http://rubygems.org/
  specs:
    actionmailer (2.3.14)
      actionpack (= 2.3.14)
    actionpack (2.3.14)
      activesupport (= 2.3.14)
      rack (~> 1.1.0)
    activerecord (2.3.14)
      activesupport (= 2.3.14)
    activeresource (2.3.14)
      activesupport (= 2.3.14)
    activesupport (2.3.14)
    addressable (2.2.6)
    blankslate (2.1.2.4)
    builder (2.1.2)
    cucumber (1.1.4)
      builder (>= 2.1.2)
      diff-lcs (>= 1.1.2)
      gherkin (~> 2.7.1)
      json (>= 1.4.6)
      term-ansicolor (>= 1.0.6)
    cucumber-rails (0.3.2)
      cucumber (>= 0.8.0)
    database_cleaner (0.7.1)
    diff-lcs (1.1.3)
    exception_notification (1.0.20090728)
    factory_girl (1.3.3)
    faraday (0.7.6)
      addressable (~> 2.2)
      multipart-post (~> 1.1)
      rack (~> 1.1)
    faraday_middleware (0.8.4)
      faraday (>= 0.7.4, < 0.9)
    fastercsv (1.5.4)
    gherkin (2.7.7)
      json (>= 1.4.6)
    hashie (1.2.0)
    hoe (2.13.1)
      rake (~> 0.8)
    i18n (0.6.0)
    json (1.6.5)
    multi_json (1.0.4)
    multipart-post (1.1.5)
    newrelic_rpm (3.3.1)
    nokogiri (1.5.0)
    rack (1.1.3)
    rack-test (0.6.1)
      rack (>= 1.0)
    rails (2.3.14)
      actionmailer (= 2.3.14)
      actionpack (= 2.3.14)
      activerecord (= 2.3.14)
      activeresource (= 2.3.14)
      activesupport (= 2.3.14)
      rake (>= 0.8.3)
    rake (0.9.2.2)
    rspec (1.3.1)
    rspec-rails (1.3.3)
      rack (>= 1.0.0)
      rspec (= 1.3.1)
    sqlite3 (1.3.5)
    term-ansicolor (1.0.7)
    test-unit (1.2.3)
      hoe (>= 1.5.1)
    tmail (1.2.7.1)
    tzinfo (0.3.31)
    webrat (0.7.3)
      nokogiri (>= 1.2.0)
      rack (>= 1.0)
      rack-test (>= 0.5.3)
    will_paginate (2.3.16)
    xml-simple (1.1.1)
    yajl-ruby (1.1.0)

PLATFORMS
  ruby

DEPENDENCIES
  blankslate
  builder (= 2.1.2)
  cucumber-rails (= 0.3.2)
  database_cleaner
  exception_notification (= 1.0.20090728)
  factory_girl (= 1.3.3)
  fastercsv
  i18n
  just_giving!
  newrelic_rpm
  nokogiri
  rails (= 2.3.14)
  rake
  rspec-rails (= 1.3.3)
  sqlite3
  test-unit (= 1.2.3)
  tmail
  tzinfo
  webrat
  will_paginate (= 2.3.16)
  xml-simple
